GEM
  remote: http://rubygems.org/
  specs:
    awesome_print (1.1.0)
    diff-lcs (1.1.3)
    hashr (0.0.22)
    highline (1.6.15)
    rainbow (1.1.4)
    rake (10.0.3)
    rspec (2.12.0)
      rspec-core (~> 2.12.0)
      rspec-expectations (~> 2.12.0)
      rspec-mocks (~> 2.12.0)
    rspec-core (2.12.2)
    rspec-expectations (2.12.1)
      diff-lcs (~> 1.1.3)
    rspec-mocks (2.12.1)
    travis-lint (1.5.0)
      hashr (~> 0.0.22)
    yard (0.8.3)
    yard-rspec (0.1)
      yard

PLATFORMS
  ruby

DEPENDENCIES
  awesome_print
  highline
  rainbow
  rake
  rspec
  travis-lint
  yard
  yard-rspec
